GEM
  remote: http://rubygems.org/
  specs:
    activesupport (2.3.11)
    bson (1.2.2)
    diff-lcs (1.1.2)
    durran-validatable (2.0.1)
    maruku (0.6.0)
      syntax (>= 1.0.0)
    mongo (1.2.2)
      bson (>= 1.2.2)
    mongoid (1.9.5)
      activesupport (< 3.0.0)
      bson (~> 1.2.1)
      durran-validatable (>= 2.0.1)
      mongo (~> 1.2.1)
      will_paginate (< 2.9)
    rack (1.2.1)
    rack-test (0.6.0)
      rack (>= 1.0)
    rspec (2.6.0)
      rspec-core (~> 2.6.0)
      rspec-expectations (~> 2.6.0)
      rspec-mocks (~> 2.6.0)
    rspec-core (2.6.4)
    rspec-expectations (2.6.0)
      diff-lcs (~> 1.1.2)
    rspec-mocks (2.6.0)
    sinatra (1.1.2)
      rack (~> 1.1)
      tilt (~> 1.2)
    syntax (1.0.0)
    tilt (1.2.2)
    will_paginate (2.3.15)

PLATFORMS
  ruby

DEPENDENCIES
  maruku
  mongoid
  rack-test
  rspec
  sinatra
